GEM
  remote: https://rubygems.org/
  specs:
    pdf-core (0.7.0)
    prawn (2.2.2)
      pdf-core (~> 0.7.0)
      ttfunk (~> 1.5)
    prawn-layout (0.8.4)
    term-ansicolor (1.6.0)
      tins (~> 1.0)
    tins (1.14.0)
    ttfunk (1.5.1)

PLATFORMS
  ruby

DEPENDENCIES
  prawn
  prawn-layout
  term-ansicolor

BUNDLED WITH
   1.15.4
